GEM
  remote: https://rubygems.org/
  specs:
    netrc (0.7.7)
    rest_client (1.7.3)
      netrc (~> 0.7.7)
    xml-simple (1.1.3)

PLATFORMS
  ruby

DEPENDENCIES
  rest_client
  xml-simple
